GEM
  remote: https://rubygems.org/
  specs:
    diff-lcs (1.4.4)
    docile (1.1.5)
    json (2.5.1)
    rake (13.0.3)
    rdoc (6.3.1)
    redcarpet (3.5.1)
    rspec (3.10.0)
      rspec-core (~> 3.10.0)
      rspec-expectations (~> 3.10.0)
      rspec-mocks (~> 3.10.0)
    rspec-core (3.10.1)
      rspec-support (~> 3.10.0)
    rspec-expectations (3.10.1)
      diff-lcs (>= 1.2.0, < 2.0)
      rspec-support (~> 3.10.0)
    rspec-mocks (3.10.1)
      diff-lcs (>= 1.2.0, < 2.0)
      rspec-support (~> 3.10.0)
    rspec-support (3.10.1)
    simplecov (0.15.1)
      docile (~> 1.1.0)
      json (>= 1.8, < 3)
      simplecov-html (~> 0.10.0)
    simplecov-html (0.10.2)
    syntax (1.2.2)
    yard (0.9.26)

PLATFORMS
  ruby
  x86-mingw32

DEPENDENCIES
  json
  rake
  rdoc
  redcarpet
  rspec
  simplecov (~> 0.15.0)
  syntax
  yard

BUNDLED WITH
   2.1.4
